PATH
  remote: .
  specs:
    email-authentication (0.3.0)
      dnsruby
      thor

GEM
  remote: https://rubygems.org/
  specs:
    codeclimate-test-reporter (0.1.1)
      simplecov (>= 0.7.1, < 1.0.0)
    dnsruby (1.57.0)
    minitest (5.0.8)
    multi_json (1.8.2)
    simplecov (0.7.1)
      multi_json (~> 1.0)
      simplecov-html (~> 0.7.1)
    simplecov-html (0.7.1)
    thor (0.19.1)

PLATFORMS
  ruby

DEPENDENCIES
  codeclimate-test-reporter
  email-authentication!
  minitest
  multi_json
